GEM
  remote: https://rubygems.org/
  specs:
    power_assert (1.0.1)
    test-unit (3.2.3)
      power_assert

PLATFORMS
  ruby

DEPENDENCIES
  test-unit

BUNDLED WITH
   1.14.6
